GEM
  remote: https://rubygems.org/
  specs:
    colorizr (0.0.1)

PLATFORMS
  ruby

DEPENDENCIES
  colorizr (= 0.0.1)

BUNDLED WITH
   1.11.2
